PATH
  remote: .
  specs:
    zack (0.3.4)
      cod (~> 0.4)
      uuid (~> 2.3)

GEM
  remote: http://rubygems.org/
  specs:
    beanstalk-client (1.1.0)
    cod (0.4.3)
    diff-lcs (1.1.3)
    flexmock (0.9.0)
    growl (1.0.3)
    guard (0.8.8)
      thor (~> 0.14.6)
    guard-rspec (0.1.9)
      guard (>= 0.2.2)
    macaddr (1.5.0)
      systemu (>= 2.4.0)
    rake (0.9.2.2)
    rb-fsevent (0.3.9)
    rspec (2.8.0)
      rspec-core (~> 2.8.0)
      rspec-expectations (~> 2.8.0)
      rspec-mocks (~> 2.8.0)
    rspec-core (2.8.0)
    rspec-expectations (2.8.0)
      diff-lcs (~> 1.1.2)
    rspec-mocks (2.8.0)
    systemu (2.4.2)
    thor (0.14.6)
    uuid (2.3.5)
      macaddr (~> 1.0)
    yard (0.7.5)

PLATFORMS
  ruby

DEPENDENCIES
  beanstalk-client (~> 1.0)
  flexmock
  growl
  guard
  guard-rspec
  rake
  rb-fsevent
  rspec
  yard
  zack!
