GIT
  remote: git@github.com:kschiess/cod.git
  revision: 31c596fcb2ae6dea248bd0fd80daf3bdb59069d8
  ref: 31c596f
  specs:
    cod (0.4.0)

GEM
  remote: http://rubygems.org/
  specs:
    beanstalk-client (1.1.0)
    diff-lcs (1.1.2)
    flexmock (0.9.0)
    growl (1.0.3)
    guard (0.8.8)
      thor (~> 0.14.6)
    guard-rspec (0.1.9)
      guard (>= 0.2.2)
    macaddr (1.0.0)
    rake (0.9.2.2)
    rb-fsevent (0.3.9)
    rspec (2.5.0)
      rspec-core (~> 2.5.0)
      rspec-expectations (~> 2.5.0)
      rspec-mocks (~> 2.5.0)
    rspec-core (2.5.1)
    rspec-expectations (2.5.0)
      diff-lcs (~> 1.1.2)
    rspec-mocks (2.5.0)
    thor (0.14.6)
    uuid (2.3.2)
      macaddr (~> 1.0)

PLATFORMS
  ruby

DEPENDENCIES
  beanstalk-client
  cod!
  flexmock
  growl
  guard
  guard-rspec
  rake
  rb-fsevent
  rspec
  uuid
