GIT
  remote: git://github.com/kschiess/cod.git
  revision: 139ead320589922a188785c5085e5d3c297b778b
  specs:
    cod (0.1)

GEM
  remote: http://rubygems.org/
  specs:
    beanstalk-client (1.1.0)
    diff-lcs (1.1.2)
    flexmock (0.9.0)
    rspec (2.5.0)
      rspec-core (~> 2.5.0)
      rspec-expectations (~> 2.5.0)
      rspec-mocks (~> 2.5.0)
    rspec-core (2.5.1)
    rspec-expectations (2.5.0)
      diff-lcs (~> 1.1.2)
    rspec-mocks (2.5.0)

PLATFORMS
  ruby

DEPENDENCIES
  beanstalk-client
  cod!
  flexmock (>= 0.8.11)
  rspec (>= 2.1.0)
