GEM
  remote: http://rubygems.org/
  specs:
    beanstalk-client (1.1.0)

PLATFORMS
  ruby

DEPENDENCIES
  beanstalk-client
